PATH
  remote: .
  specs:
    templet (0.1.1)

GEM
  remote: https://rubygems.org/
  specs:
    minitest (5.10.2)
    rake (13.0.1)

PLATFORMS
  ruby

DEPENDENCIES
  bundler (~> 1.16)
  minitest (~> 5.0)
  rake (~> 13.0)
  templet!

BUNDLED WITH
   1.16.2
